GEM
  remote: https://rubygems.org/
  specs:
    backports (3.8.0)
    multi_json (1.12.2)
    mustermann (1.0.1)
    net-ssh (4.1.0)
    parallel (1.12.0)
    power_assert (1.1.0)
    rack (2.0.3)
    rack-protection (2.0.0)
      rack
    sinatra (2.0.0)
      mustermann (~> 1.0)
      rack (~> 2.0)
      rack-protection (= 2.0.0)
      tilt (~> 2.0)
    sinatra-contrib (2.0.0)
      backports (>= 2.0)
      multi_json
      mustermann (~> 1.0)
      rack-protection (= 2.0.0)
      sinatra (= 2.0.0)
      tilt (>= 1.3, < 3)
    test-unit (3.2.5)
      power_assert
    tilt (2.0.8)

PLATFORMS
  ruby

DEPENDENCIES
  net-ssh
  parallel
  sinatra
  sinatra-contrib
  test-unit

BUNDLED WITH
   1.15.4
